GIT
  remote: git://github.com/jnicklas/carrierwave.git
  revision: 272c9aac1f2f30c4bd2990e28a3b1403c9820f37
  specs:
    carrierwave (0.5.0)
      activesupport (~> 3.0)

GIT
  remote: git://github.com/mongoid/mongoid.git
  revision: 78b1dd32a83a6616176cc95ca20b770be143f566
  specs:
    mongoid (2.0.0.beta.20)
      activemodel (~> 3.0)
      mongo (~> 1.1)
      tzinfo (~> 0.3.22)
      will_paginate (~> 3.0.pre)

GIT
  remote: git://github.com/parasew/acts_as_tree.git
  revision: ed52495d1671c99e1add582628403bf8104e9077
  specs:
    acts_as_tree (1.2.3)

GIT
  remote: git://github.com/xxx/ruby-openid.git
  revision: b25f2a2833effc1186cae81c61e82c2a8e2e808f
  specs:
    ruby-openid (2.1.8)

GEM
  remote: http://rubygems.org/
  remote: http://gems.github.com/
  specs:
    abstract (1.0.0)
    actionmailer (3.0.0)
      actionpack (= 3.0.0)
      mail (~> 2.2.5)
    actionpack (3.0.0)
      activemodel (= 3.0.0)
      activesupport (= 3.0.0)
      builder (~> 2.1.2)
      erubis (~> 2.6.6)
      i18n (~> 0.4.1)
      rack (~> 1.2.1)
      rack-mount (~> 0.6.12)
      rack-test (~> 0.5.4)
      tzinfo (~> 0.3.23)
    activemodel (3.0.0)
      activesupport (= 3.0.0)
      builder (~> 2.1.2)
      i18n (~> 0.4.1)
    activerecord (3.0.0)
      activemodel (= 3.0.0)
      activesupport (= 3.0.0)
      arel (~> 1.0.0)
      tzinfo (~> 0.3.23)
    activeresource (3.0.0)
      activemodel (= 3.0.0)
      activesupport (= 3.0.0)
    activesupport (3.0.0)
    arel (1.0.1)
      activesupport (~> 3.0.0)
    bson (1.1.2)
    builder (2.1.2)
    daemon-spawn (0.2.0)
    daemons (1.1.0)
    delayed_job (2.0.3)
      daemons
    erubis (2.6.6)
      abstract (>= 1.0.0)
    excon (0.2.4)
    factory_girl (1.3.2)
    factory_girl_rails (1.0)
      factory_girl (~> 1.3)
      rails (>= 3.0.0.beta4)
    fog (0.3.11)
      builder
      excon (>= 0.2.4)
      formatador (>= 0.0.15)
      json
      mime-types
      net-ssh (~> 2.0.23)
      nokogiri (~> 1.4.3.1)
      ruby-hmac
    formatador (0.0.15)
    hpricot (0.8.3)
    i18n (0.4.2)
    json (1.4.6)
    mail (2.2.9)
      activesupport (>= 2.3.6)
      i18n (~> 0.4.1)
      mime-types (~> 1.16)
      treetop (~> 1.4.8)
    mime-types (1.16)
    mongo (1.1.2)
      bson (>= 1.1.1)
    net-ssh (2.0.23)
    newrelic_rpm (2.13.3)
    nokogiri (1.4.3.1)
    oniguruma (1.1.0)
    pg (0.9.0)
    plist (3.1.0)
    polyglot (0.3.1)
    rack (1.2.1)
    rack-mount (0.6.13)
      rack (>= 1.0.0)
    rack-test (0.5.6)
      rack (>= 1.0)
    rails (3.0.0)
      actionmailer (= 3.0.0)
      actionpack (= 3.0.0)
      activerecord (= 3.0.0)
      activeresource (= 3.0.0)
      activesupport (= 3.0.0)
      bundler (~> 1.0.0)
      railties (= 3.0.0)
    railties (3.0.0)
      actionpack (= 3.0.0)
      activesupport (= 3.0.0)
      rake (>= 0.8.4)
      thor (~> 0.14.0)
    rake (0.8.7)
    rmagick (2.13.1)
    ruby-hmac (0.4.0)
    shoulda (2.11.3)
    textpow (0.10.1)
      oniguruma (>= 1.1.0)
      plist (>= 3.0.0)
    thinkingtank (0.0.4)
    thor (0.14.4)
    treetop (1.4.8)
      polyglot (>= 0.3.1)
    tzinfo (0.3.23)
    ultraviolet (0.10.2)
      textpow (>= 0.10.0)
    will_paginate (3.0.pre2)
    yui-compressor (0.9.1)

PLATFORMS
  ruby

DEPENDENCIES
  acts_as_tree!
  carrierwave!
  daemon-spawn (= 0.2.0)
  delayed_job (= 2.0.3)
  factory_girl_rails
  fog
  hpricot
  json
  mongoid (= 2.0.0.beta.20)!
  newrelic_rpm
  pg
  rails (= 3.0.0)
  rmagick
  ruby-openid!
  shoulda
  thinkingtank
  ultraviolet
  will_paginate
  yui-compressor
